GEM
  remote: https://rubygems.org/
  specs:
    bson (1.5.2)
    mongo (1.5.2)
      bson (= 1.5.2)

PLATFORMS
  ruby

DEPENDENCIES
  mongo
