GEM
  remote: https://rubygems.org/
  specs:
    bson (1.5.2)
    bson_ext (1.5.2)
      bson (= 1.5.2)
    faraday (0.8.4)
      multipart-post (~> 1.1)
    json (1.7.5)
    mongo (1.5.2)
      bson (= 1.5.2)
    multi_json (1.3.6)
    multipart-post (1.1.5)
    simple_oauth (0.1.9)
    system_timer (1.2.4)
    twitter (4.1.0)
      faraday (~> 0.8)
      multi_json (~> 1.3)
      simple_oauth (~> 0.1.6)

PLATFORMS
  ruby

DEPENDENCIES
  bson_ext
  json
  mongo
  system_timer
  twitter
