GEM
  remote: https://rubygems.org/
  specs:
    activesupport (3.2.9)
      i18n (~> 0.6)
      multi_json (~> 1.0)
    awesome_print (1.1.0)
    bson (1.8.0)
      activesupport
    bson_ext (1.8.0)
      bson (~> 1.8.0)
    faraday (0.8.4)
      multipart-post (~> 1.1)
    i18n (0.6.1)
    json (1.7.5)
    mongo (1.8.0)
      bson (~> 1.8.0)
    multi_json (1.4.0)
    multipart-post (1.1.5)
    simple_oauth (0.1.9)
    system_timer (1.2.4)
    twitter (4.4.0)
      faraday (~> 0.8)
      multi_json (~> 1.3)
      simple_oauth (~> 0.1.6)

PLATFORMS
  ruby

DEPENDENCIES
  awesome_print
  bson_ext
  json
  mongo
  system_timer
  twitter
